GEM
  remote: https://rubygems.org/
  specs:
    diff-lcs (1.4.4)
    given_core (3.8.0)
      sorcerer (>= 0.3.7)
    rspec (3.9.0)
      rspec-core (~> 3.9.0)
      rspec-expectations (~> 3.9.0)
      rspec-mocks (~> 3.9.0)
    rspec-core (3.9.2)
      rspec-support (~> 3.9.3)
    rspec-expectations (3.9.2)
      diff-lcs (>= 1.2.0, < 2.0)
      rspec-support (~> 3.9.0)
    rspec-given (3.8.0)
      given_core (= 3.8.0)
      rspec (>= 2.14.0)
    rspec-mocks (3.9.1)
      diff-lcs (>= 1.2.0, < 2.0)
      rspec-support (~> 3.9.0)
    rspec-support (3.9.3)
    sorcerer (2.0.1)

PLATFORMS
  ruby

DEPENDENCIES
  rspec
  rspec-given

BUNDLED WITH
   2.1.4
